GEM
  remote: https://rubygems.org/
  specs:
    make_todo (0.1.0)
    rack (1.6.4)
    rack-protection (1.5.3)
      rack
    sinatra (1.4.7)
      rack (~> 1.5)
      rack-protection (~> 1.4)
      tilt (>= 1.3, < 3)
    tilt (2.0.5)

PLATFORMS
  x86-mingw32

DEPENDENCIES
  make_todo
  sinatra

BUNDLED WITH
   1.12.5
